PATH
  remote: .
  specs:
    websocket-client-simple (0.3.0)
      event_emitter
      websocket

GEM
  remote: https://rubygems.org/
  specs:
    event_emitter (0.2.6)
    eventmachine (1.2.7)
    minitest (5.14.4)
    rake (13.0.6)
    websocket (1.2.9)
    websocket-eventmachine-base (1.2.0)
      eventmachine (~> 1.0)
      websocket (~> 1.0)
      websocket-native (~> 1.0)
    websocket-eventmachine-server (1.0.1)
      websocket-eventmachine-base (~> 1.0)
    websocket-native (1.0.0)

PLATFORMS
  ruby

DEPENDENCIES
  bundler (~> 1.3)
  eventmachine
  minitest
  rake
  websocket-client-simple!
  websocket-eventmachine-server

BUNDLED WITH
   1.11.2
